GEM
  remote: https://rubygems.org/
  specs:
    wavefile (1.1.2)

PLATFORMS
  arm64-darwin-22
  ruby

DEPENDENCIES
  wavefile

BUNDLED WITH
   2.5.17
